GEM
  remote: https://rubygems.org/
  specs:
    activesupport (4.2.8)
      i18n (~> 0.7)
      minitest (~> 5.1)
      thread_safe (~> 0.3, >= 0.3.4)
      tzinfo (~> 1.1)
    aws-sdk (2.9.29)
      aws-sdk-resources (= 2.9.29)
    aws-sdk-core (2.9.29)
      aws-sigv4 (~> 1.0)
      jmespath (~> 1.0)
    aws-sdk-resources (2.9.29)
      aws-sdk-core (= 2.9.29)
    aws-sigv4 (1.0.0)
    aws_config (0.1.0)
    awsecrets (1.11.0)
      aws-sdk (~> 2)
      aws_config (~> 0.1.0)
    awspec (0.81.1)
      activesupport (~> 4.0)
      aws-sdk (>= 2.2, < 2.10)
      awsecrets (~> 1.11)
      rspec (~> 3.0)
      rspec-its
      term-ansicolor
      thor
    concurrent-ruby (1.0.5)
    diff-lcs (1.3)
    git (1.3.0)
    hamster (3.0.0)
      concurrent-ruby (~> 1.0)
    i18n (0.8.4)
    jmespath (1.3.1)
    lino (1.1.0)
      hamster (~> 3.0)
      open4 (~> 1.3)
    minitar (0.6.1)
    minitest (5.10.2)
    net-ssh (4.1.0)
    netaddr (1.5.1)
    open4 (1.3.4)
    rake (11.3.0)
    rake_dependencies (0.15.1)
      hamster (~> 3.0)
      minitar (~> 0.6)
      rubyzip (~> 1.1)
    rake_terraform (0.10.0)
      rake_dependencies (~> 0.15)
      ruby-terraform (~> 0.7)
    rspec (3.6.0)
      rspec-core (~> 3.6.0)
      rspec-expectations (~> 3.6.0)
      rspec-mocks (~> 3.6.0)
    rspec-core (3.6.0)
      rspec-support (~> 3.6.0)
    rspec-expectations (3.6.0)
      diff-lcs (>= 1.2.0, < 2.0)
      rspec-support (~> 3.6.0)
    rspec-its (1.2.0)
      rspec-core (>= 3.0.0)
      rspec-expectations (>= 3.0.0)
    rspec-mocks (3.6.0)
      diff-lcs (>= 1.2.0, < 2.0)
      rspec-support (~> 3.6.0)
    rspec-support (3.6.0)
    ruby-terraform (0.8.0)
      lino (~> 1.1)
    rubyzip (1.2.1)
    semantic (1.6.0)
    term-ansicolor (1.6.0)
      tins (~> 1.0)
    thor (0.19.4)
    thread_safe (0.3.6)
    tins (1.14.0)
    tzinfo (1.2.3)
      thread_safe (~> 0.1)

PLATFORMS
  ruby

DEPENDENCIES
  awspec (~> 0.65)
  git (~> 1.3)
  lino (~> 1.1)
  net-ssh (~> 4.0)
  netaddr (~> 1.5)
  rake (~> 11.2)
  rake_dependencies (~> 0.15)
  rake_terraform (~> 0.10.0)
  rspec (~> 3.0)
  semantic (~> 1.6)

BUNDLED WITH
   1.15.3
